GEM
  remote: https://rubygems.org/
  specs:
    bio (2.0.4)

PLATFORMS
  x86_64-darwin-18

DEPENDENCIES
  bio (>= 1.5.0)

BUNDLED WITH
   2.3.25
