GEM
  remote: https://rubygems.org/
  specs:
    bio (2.0.4)

PLATFORMS
  ruby

DEPENDENCIES
  bio (>= 1.5.0)

BUNDLED WITH
   1.17.3
